PATH
  remote: .
  specs:
    menubot (0.1.0)

GEM
  remote: https://rubygems.org/
  specs:
    Ascii85 (1.1.1)
    afm (0.2.2)
    bigdecimal (3.1.8)
    concurrent-ruby (1.3.4)
    diff-lcs (1.5.1)
    domain_name (0.6.20240107)
    event_stream_parser (1.0.0)
    faraday (2.12.0)
      faraday-net_http (>= 2.0, < 3.4)
      json
      logger
    faraday-multipart (1.0.4)
      multipart-post (~> 2)
    faraday-net_http (3.3.0)
      net-http
    hashery (2.1.2)
    http-accept (1.7.0)
    http-cookie (1.0.7)
      domain_name (~> 0.5)
    i18n (1.14.6)
      concurrent-ruby (~> 1.0)
    json (2.7.4)
    logger (1.6.1)
    mailgun-ruby (1.2.15)
      rest-client (>= 2.0.2)
    mime-types (3.6.0)
      logger
      mime-types-data (~> 3.2015)
    mime-types-data (3.2024.1001)
    multipart-post (2.4.1)
    net-http (0.4.1)
      uri
    netrc (0.11.0)
    pdf-reader (2.12.0)
      Ascii85 (~> 1.0)
      afm (~> 0.2.1)
      hashery (~> 2.0)
      ruby-rc4
      ttfunk
    rake (13.2.1)
    rest-client (2.1.0)
      http-accept (>= 1.7.0, < 2.0)
      http-cookie (>= 1.0.2, < 2.0)
      mime-types (>= 1.16, < 4.0)
      netrc (~> 0.8)
    rspec (3.13.0)
      rspec-core (~> 3.13.0)
      rspec-expectations (~> 3.13.0)
      rspec-mocks (~> 3.13.0)
    rspec-core (3.13.2)
      rspec-support (~> 3.13.0)
    rspec-expectations (3.13.3)
      diff-lcs (>= 1.2.0, < 2.0)
      rspec-support (~> 3.13.0)
    rspec-mocks (3.13.2)
      diff-lcs (>= 1.2.0, < 2.0)
      rspec-support (~> 3.13.0)
    rspec-support (3.13.1)
    ruby-openai (7.3.1)
      event_stream_parser (>= 0.3.0, < 2.0.0)
      faraday (>= 1)
      faraday-multipart (>= 1)
    ruby-rc4 (0.1.5)
    ttfunk (1.8.0)
      bigdecimal (~> 3.1)
    uri (0.13.1)

PLATFORMS
  arm64-darwin-24
  ruby

DEPENDENCIES
  i18n
  mailgun-ruby
  menubot!
  pdf-reader (~> 2.12.0)
  rake (~> 13.0)
  rspec (~> 3.0)
  ruby-openai (~> 7.3.1)

BUNDLED WITH
   2.5.22
